GIT
  remote: https://github.com/itiya/ruboty-astral_todoist.git
  revision: 096bb86cdf05cad417054e50eeb6a107d471437b
  specs:
    ruboty-astral_todoist (0.1.0)
      todoist-ruby

GIT
  remote: https://github.com/itiya/ruboty-astral_zatsudan.git
  revision: f0e88e6a709d9a4fef6ead2f6648bf9530cc30ec
  specs:
    ruboty-astral_zatsudan (0.1.0)
      ruboty

GEM
  remote: https://rubygems.org/
  specs:
    activesupport (5.1.4)
      concurrent-ruby (~> 1.0, >= 1.0.2)
      i18n (~> 0.7)
      minitest (~> 5.1)
      tzinfo (~> 1.1)
    chrono (0.4.0)
      activesupport
    concurrent-ruby (1.0.5)
    dotenv (2.2.1)
    event_emitter (0.2.6)
    eventmachine (1.2.5)
    faraday (0.13.1)
      multipart-post (>= 1.2, < 3)
    faraday_middleware (0.10.1)
      faraday (>= 0.7.4, < 1.0)
    faye-websocket (0.10.7)
      eventmachine (>= 0.12.0)
      websocket-driver (>= 0.5.1)
    i18n (0.9.0)
      concurrent-ruby (~> 1.0)
    mem (0.1.5)
    mimemagic (0.3.2)
    minitest (5.10.3)
    multi_json (1.12.2)
    multipart-post (2.0.0)
    rake (12.2.1)
    redis (3.3.5)
    redis-namespace (1.5.3)
      redis (~> 3.0, >= 3.0.4)
    ruboty (1.3.0)
      activesupport
      bundler
      dotenv
      mem
      slop
    ruboty-alias (0.0.8)
      ruboty (>= 1.1.1)
    ruboty-cron (1.1.0)
      activesupport
      chrono
      ruboty (>= 0.2.0)
    ruboty-delay (0.0.1)
      ruboty
    ruboty-redis (0.0.6)
      redis
      redis-namespace
      ruboty
    ruboty-slack_rtm (2.7.2)
      ruboty (>= 1.1.4)
      slack-api (~> 1.2)
      websocket-client-simple (~> 0.3.0)
    slack-api (1.6.0)
      faraday (~> 0.11)
      faraday_middleware (~> 0.10.0)
      faye-websocket (~> 0.10.6)
      multi_json (~> 1.0, >= 1.0.3)
    slop (4.6.0)
    thread_safe (0.3.6)
    todoist-ruby (0.2.1)
      concurrent-ruby (~> 1.0)
      mimemagic (~> 0.3)
      multipart-post (~> 2.0)
    tzinfo (1.2.3)
      thread_safe (~> 0.1)
    websocket (1.2.4)
    websocket-client-simple (0.3.0)
      event_emitter
      websocket
    websocket-driver (0.7.0)
      websocket-extensions (>= 0.1.0)
    websocket-extensions (0.1.2)

PLATFORMS
  ruby

DEPENDENCIES
  rake
  ruboty
  ruboty-alias
  ruboty-astral_todoist!
  ruboty-astral_zatsudan!
  ruboty-cron
  ruboty-delay
  ruboty-redis
  ruboty-slack_rtm

RUBY VERSION
   ruby 2.4.1p111

BUNDLED WITH
   1.15.3
